GEM
  remote: https://rubygems.org/
  specs:
    gemoji (4.1.0)
    rake (13.1.0)

PLATFORMS
  ruby

DEPENDENCIES
  gemoji
  rake

BUNDLED WITH
   2.3.18
