GEM
  remote: https://rubygems.org/
  specs:
    gemoji (4.1.0)
    rake (13.2.1)

PLATFORMS
  ruby

DEPENDENCIES
  gemoji
  rake

BUNDLED WITH
   2.5.3
